PATH
  remote: .
  specs:
    flat_kit (0.3.0)
      oj (~> 3.0)
      optimist (~> 3.0)

GEM
  remote: https://rubygems.org/
  specs:
    addressable (2.8.4)
      public_suffix (>= 2.0.2, < 6.0)
    benchmark-ips (2.12.0)
    byebug (11.1.3)
    concurrent-ruby (1.2.2)
    docile (1.4.0)
    faker (2.23.0)
      i18n (>= 1.8.11, < 2)
    heel (4.0.0)
      launchy (~> 2.5)
      mime-types (~> 3.4)
      puma (~> 6.0)
      rack (~> 3.0)
      rackup (~> 2.1)
      rouge (~> 4.0)
    highline (2.1.0)
    i18n (1.12.0)
      concurrent-ruby (~> 1.0)
    jar-dependencies (0.4.1)
    launchy (2.5.2)
      addressable (~> 2.8)
    mime-types (3.4.1)
      mime-types-data (~> 3.2015)
    mime-types-data (3.2023.0218.1)
    minitest (5.18.0)
    minitest-focus (1.3.1)
      minitest (>= 4, < 6)
    nio4r (2.5.9)
    nio4r (2.5.9-java)
    oj (3.14.3)
    optimist (3.0.1)
    options (2.3.2)
    progress_bar (1.3.3)
      highline (>= 1.6, < 3)
      options (~> 2.3.0)
    psych (5.1.0)
      stringio
    psych (5.1.0-java)
      jar-dependencies (>= 0.1.7)
    public_suffix (5.0.1)
    puma (6.2.2)
      nio4r (~> 2.0)
    puma (6.2.2-java)
      nio4r (~> 2.0)
    rack (3.0.7)
    rackup (2.1.0)
      rack (>= 3)
      webrick (~> 1.8)
    rake (13.0.6)
    rdoc (6.5.0)
      psych (>= 4.0.0)
    rouge (4.1.0)
    simplecov (0.22.0)
      docile (~> 1.1)
      simplecov-html (~> 0.11)
      simplecov_json_formatter (~> 0.1)
    simplecov-html (0.12.3)
    simplecov_json_formatter (0.1.4)
    stringio (3.0.6)
    webrick (1.8.1)

PLATFORMS
  arm64-darwin-21
  java
  x86_64-darwin-19
  x86_64-linux

DEPENDENCIES
  benchmark-ips
  byebug
  faker (~> 2.16)
  flat_kit!
  heel
  minitest (~> 5.11)
  minitest-focus (~> 1.2)
  progress_bar
  rake (~> 13.0)
  rdoc (~> 6.3)
  simplecov (~> 0.21)

BUNDLED WITH
   2.4.11
