PATH
  remote: .
  specs:
    flat_kit (0.3.1)
      csv (~> 3.3)
      oj (~> 3.0)
      optimist (~> 3.0)

GEM
  remote: https://rubygems.org/
  specs:
    addressable (2.8.6)
      public_suffix (>= 2.0.2, < 6.0)
    benchmark-ips (2.13.0)
    bigdecimal (3.1.7)
    bigdecimal (3.1.7-java)
    builder (3.2.4)
    concurrent-ruby (1.2.3)
    csv (3.3.0)
    debug (1.9.2)
      irb (~> 1.10)
      reline (>= 0.3.8)
    docile (1.4.0)
    faker (3.3.1)
      i18n (>= 1.8.11, < 2)
    heel (4.0.1)
      launchy (~> 2.5)
      mime-types (~> 3.4)
      puma (~> 6.0)
      rack (~> 3.0)
      rackup (~> 2.1)
      rouge (~> 4.0)
    highline (2.1.0)
    i18n (1.14.4)
      concurrent-ruby (~> 1.0)
    io-console (0.7.2)
    io-console (0.7.2-java)
    irb (1.12.0)
      rdoc
      reline (>= 0.4.2)
    jar-dependencies (0.4.1)
    launchy (2.5.2)
      addressable (~> 2.8)
    mime-types (3.5.2)
      mime-types-data (~> 3.2015)
    mime-types-data (3.2024.0305)
    minitest (5.22.3)
    minitest-focus (1.4.0)
      minitest (>= 4, < 6)
    minitest-junit (1.1.0)
      builder (~> 3.2)
      minitest (~> 5.11)
    nio4r (2.7.1)
    nio4r (2.7.1-java)
    oj (3.16.3)
      bigdecimal (>= 3.0)
    optimist (3.1.0)
    options (2.3.2)
    progress_bar (1.3.3)
      highline (>= 1.6, < 3)
      options (~> 2.3.0)
    psych (5.1.2)
      stringio
    psych (5.1.2-java)
      jar-dependencies (>= 0.1.7)
    public_suffix (5.0.5)
    puma (6.4.2)
      nio4r (~> 2.0)
    puma (6.4.2-java)
      nio4r (~> 2.0)
    rack (3.0.10)
    rackup (2.1.0)
      rack (>= 3)
      webrick (~> 1.8)
    rake (13.2.1)
    rdoc (6.6.3.1)
      psych (>= 4.0.0)
    reline (0.5.3)
      io-console (~> 0.5)
    rouge (4.2.1)
    simplecov (0.22.0)
      docile (~> 1.1)
      simplecov-html (~> 0.11)
      simplecov_json_formatter (~> 0.1)
    simplecov-html (0.12.3)
    simplecov_json_formatter (0.1.4)
    stringio (3.1.0)
    webrick (1.8.1)

PLATFORMS
  arm64-darwin-21
  arm64-darwin-22
  arm64-darwin-23
  java
  x86_64-darwin-19
  x86_64-linux

DEPENDENCIES
  benchmark-ips
  debug
  faker (~> 3.0)
  flat_kit!
  heel
  minitest (~> 5.11)
  minitest-focus (~> 1.2)
  minitest-junit (~> 1.0)
  progress_bar
  rake (~> 13.0)
  rdoc (~> 6.3)
  simplecov (~> 0.21)

BUNDLED WITH
   2.5.9
