PATH
  remote: .
  specs:
    flat_kit (0.1.0)
      oj (~> 3.0)
      optimist (~> 3.0)

GEM
  remote: https://rubygems.org/
  specs:
    byebug (11.1.3)
    concurrent-ruby (1.1.8)
    docile (1.3.5)
    faker (2.15.1)
      i18n (>= 1.6, < 2)
    i18n (1.8.7)
      concurrent-ruby (~> 1.0)
    minitest (5.14.3)
    minitest-focus (1.2.1)
      minitest (>= 4, < 6)
    oj (3.11.0)
    optimist (3.0.1)
    rake (13.0.3)
    rdoc (6.3.0)
    simplecov (0.21.2)
      docile (~> 1.1)
      simplecov-html (~> 0.11)
      simplecov_json_formatter (~> 0.1)
    simplecov-html (0.12.3)
    simplecov_json_formatter (0.1.2)

PLATFORMS
  x86_64-darwin-19

DEPENDENCIES
  byebug
  faker
  flat_kit!
  minitest (~> 5.11)
  minitest-focus (~> 1.2)
  rake (~> 13.0)
  rdoc (~> 6.3)
  simplecov (~> 0.21)

BUNDLED WITH
   2.2.5
