PATH
  remote: .
  specs:
    flat_kit (0.1.0)
      optimist (~> 3.0)

GEM
  remote: https://rubygems.org/
  specs:
    docile (1.3.5)
    minitest (5.14.3)
    optimist (3.0.1)
    rake (13.0.3)
    rdoc (6.3.0)
    simplecov (0.21.2)
      docile (~> 1.1)
      simplecov-html (~> 0.11)
      simplecov_json_formatter (~> 0.1)
    simplecov-html (0.12.3)
    simplecov_json_formatter (0.1.2)

PLATFORMS
  x86_64-darwin-19

DEPENDENCIES
  flat_kit!
  minitest (~> 5.11)
  rake (~> 13.0)
  rdoc (~> 6.3)
  simplecov (~> 0.21)

BUNDLED WITH
   2.2.5
