PATH
  remote: .
  specs:
    flat_kit (0.3.0)
      oj (~> 3.0)
      optimist (~> 3.0)

GEM
  remote: https://rubygems.org/
  specs:
    addressable (2.7.0)
      public_suffix (>= 2.0.2, < 5.0)
    benchmark-ips (2.8.4)
    byebug (11.1.3)
    coderay (1.1.3)
    concurrent-ruby (1.1.8)
    docile (1.3.5)
    faker (2.16.0)
      i18n (>= 1.6, < 2)
    heel (3.2.1)
      coderay (~> 1.1)
      launchy (~> 2.4)
      mime-types (~> 3.1)
      puma (~> 3.11)
      rack (~> 2.0)
    i18n (1.8.9)
      concurrent-ruby (~> 1.0)
    launchy (2.5.0)
      addressable (~> 2.7)
    mime-types (3.3.1)
      mime-types-data (~> 3.2015)
    mime-types-data (3.2021.0225)
    minitest (5.14.4)
    minitest-focus (1.2.1)
      minitest (>= 4, < 6)
    oj (3.11.2)
    optimist (3.0.1)
    public_suffix (4.0.6)
    puma (3.12.6)
    rack (2.2.3)
    rake (13.0.3)
    rdoc (6.3.0)
    simplecov (0.21.2)
      docile (~> 1.1)
      simplecov-html (~> 0.11)
      simplecov_json_formatter (~> 0.1)
    simplecov-html (0.12.3)
    simplecov_json_formatter (0.1.2)

PLATFORMS
  x86_64-darwin-19

DEPENDENCIES
  benchmark-ips
  byebug
  faker
  flat_kit!
  heel
  minitest (~> 5.11)
  minitest-focus (~> 1.2)
  rake (~> 13.0)
  rdoc (~> 6.3)
  simplecov (~> 0.21)

BUNDLED WITH
   2.2.5
